GIT
  remote: https://github.com/hugoluchessi/rest_api_base.git
  revision: 0fe03fe809aa70d79585f0b5a79a145dcc4ec533
  specs:
    rest_api_base (0.0.1)
      json (~> 1.8.3)
      sinatra (~> 1.4.0)
      sinatra-contrib (~> 1.4.0)

GEM
  remote: http://rubygems.org/
  specs:
    activemodel (4.2.6)
      activesupport (= 4.2.6)
      builder (~> 3.1)
    activerecord (4.2.6)
      activemodel (= 4.2.6)
      activesupport (= 4.2.6)
      arel (~> 6.0)
    activesupport (4.2.6)
      i18n (~> 0.7)
      json (~> 1.7, >= 1.7.7)
      minitest (~> 5.1)
      thread_safe (~> 0.3, >= 0.3.4)
      tzinfo (~> 1.1)
    arel (6.0.3)
    backports (3.6.8)
    buffered-logger (1.2.2)
    builder (3.2.2)
    byebug (8.2.2)
    coderay (1.1.1)
    foreman (0.78.0)
      thor (~> 0.19.1)
    i18n (0.7.0)
    json (1.8.3)
    kgio (2.10.0)
    method_source (0.8.2)
    minitest (5.8.4)
    multi_json (1.11.2)
    pg (0.18.4)
    pry (0.10.3)
      coderay (~> 1.1.0)
      method_source (~> 0.8.1)
      slop (~> 3.4)
    pry-byebug (3.3.0)
      byebug (~> 8.0)
      pry (~> 0.10)
    rack (1.6.4)
    rack-protection (1.5.3)
      rack
    rack-test (0.6.3)
      rack (>= 1.0)
    raindrops (0.16.0)
    rake (10.5.0)
    sinatra (1.4.7)
      rack (~> 1.5)
      rack-protection (~> 1.4)
      tilt (>= 1.3, < 3)
    sinatra-contrib (1.4.6)
      backports (>= 2.0)
      multi_json
      rack-protection
      rack-test
      sinatra (~> 1.4.0)
      tilt (>= 1.3, < 3)
    slop (3.6.0)
    thor (0.19.1)
    thread_safe (0.3.5)
    tilt (2.0.2)
    tzinfo (1.2.2)
      thread_safe (~> 0.1)
    unicorn (5.0.1)
      kgio (~> 2.6)
      rack
      raindrops (~> 0.7)

PLATFORMS
  ruby

DEPENDENCIES
  activerecord (~> 4.2.0)
  buffered-logger (~> 1.2.2)
  bundler (~> 1.10)
  byebug (~> 8.2.1)
  foreman (~> 0.78.0)
  pg (~> 0.18.0)
  pry-byebug (~> 3.3.0)
  rake (~> 10.5.0)
  rest_api_base (~> 0.0.1)!
  sinatra (~> 1.4.7)
  sinatra-contrib (~> 1.4.0)
  unicorn (~> 5.0.1)

BUNDLED WITH
   1.10.6
